GIT
  remote: https://github.com/bo-oz/vimeo_me2.git
  revision: 6d09c58acf06c7a333178a51142cb42114b59c4e
  specs:
    vimeo_me2 (1.2.0)
      httparty (~> 0.14.0)

GEM
  remote: https://rubygems.org/
  specs:
    activesupport (5.2.1)
      concurrent-ruby (~> 1.0, >= 1.0.2)
      i18n (>= 0.7, < 2)
      minitest (~> 5.1)
      tzinfo (~> 1.1)
    concurrent-ruby (1.0.5)
    httparty (0.14.0)
      multi_xml (>= 0.5.2)
    i18n (1.1.0)
      concurrent-ruby (~> 1.0)
    minitest (5.11.3)
    multi_xml (0.6.0)
    thread_safe (0.3.6)
    tzinfo (1.2.5)
      thread_safe (~> 0.1)

PLATFORMS
  ruby

DEPENDENCIES
  activesupport
  vimeo_me2!

BUNDLED WITH
   1.16.1
